PATH
  remote: .
  specs:
    familysearch (0.4.2)
      addressable (~> 2.3.3)
      familysearch-gedcomx (~> 1.0.2)
      faraday (~> 0.8.4)
      faraday_middleware (~> 0.9.0)
      multi_json (~> 1.5.0)

GEM
  remote: https://rubygems.org/
  specs:
    activesupport (3.2.13)
      i18n (= 0.6.1)
      multi_json (~> 1.0)
    addressable (2.3.4)
    bourne (1.1.2)
      mocha (= 0.10.5)
    crack (0.3.2)
    diff-lcs (1.2.4)
    familysearch-gedcomx (1.0.2)
      hashie (~> 2.0.5)
    faraday (0.8.9)
      multipart-post (~> 1.2.0)
    faraday_middleware (0.9.0)
      faraday (>= 0.7.4, < 0.9)
    hashie (2.0.5)
    i18n (0.6.1)
    metaclass (0.0.1)
    mocha (0.10.5)
      metaclass (~> 0.0.1)
    multi_json (1.5.1)
    multipart-post (1.2.0)
    rspec (2.13.0)
      rspec-core (~> 2.13.0)
      rspec-expectations (~> 2.13.0)
      rspec-mocks (~> 2.13.0)
    rspec-core (2.13.1)
    rspec-expectations (2.13.0)
      diff-lcs (>= 1.1.3, < 2.0)
    rspec-mocks (2.13.1)
    shoulda (3.3.2)
      shoulda-context (~> 1.0.1)
      shoulda-matchers (~> 1.4.1)
    shoulda-context (1.0.2)
    shoulda-matchers (1.4.2)
      activesupport (>= 3.0.0)
      bourne (~> 1.1.2)
    vcr (2.4.0)
    webmock (1.10.2)
      addressable (>= 2.2.7)
      crack (>= 0.3.2)

PLATFORMS
  ruby

DEPENDENCIES
  bundler (>= 1.2.3)
  familysearch!
  rspec (~> 2.13.0)
  shoulda (~> 3.3.2)
  vcr (~> 2.4.0)
  webmock (~> 1.10.0)
